PATH
  remote: .
  specs:
    rngtng-bounce-email (0.1.0)
      mail

GEM
  remote: http://rubygems.org/
  specs:
    i18n (0.6.0)
    mail (2.3.0)
      i18n (>= 0.4.0)
      mime-types (~> 1.16)
      treetop (~> 1.4.8)
    mime-types (1.16)
    polyglot (0.3.2)
    treetop (1.4.10)
      polyglot
      polyglot (>= 0.3.1)

PLATFORMS
  ruby

DEPENDENCIES
  rngtng-bounce-email!
